PATH
  remote: .
  specs:
    conceptql (0.3.0)
      activesupport (~> 5)
      bigdecimal
      json
      sequel (~> 5.29)
      sequelizer (~> 0.1)
      thor (~> 0.19)

GEM
  remote: https://rubygems.org/
  specs:
    activesupport (5.2.4.1)
      concurrent-ruby (~> 1.0, >= 1.0.2)
      i18n (>= 0.7, < 2)
      minitest (~> 5.1)
      tzinfo (~> 1.1)
    bigdecimal (2.0.0)
    binding_of_caller (0.8.0)
      debug_inspector (>= 0.0.1)
    byebug (11.1.1)
    coderay (1.1.2)
    concurrent-ruby (1.1.5)
    debug_inspector (0.0.3)
    docile (1.3.0)
    dotenv (2.7.5)
    hashie (3.6.0)
    i18n (1.8.2)
      concurrent-ruby (~> 1.0)
    interception (0.5)
    io-console (0.5.5)
    irb (1.2.1)
      reline (>= 0.0.1)
    json (2.1.0)
    method_source (0.9.2)
    minitest (5.11.3)
    pg (1.1.3)
    pry (0.12.2)
      coderay (~> 1.1.0)
      method_source (~> 0.9.0)
    pry-byebug (3.8.0)
      byebug (~> 11.0)
      pry (~> 0.10)
    pry-rescue (1.5.0)
      interception (>= 0.5)
      pry (>= 0.12.0)
    pry-stack_explorer (0.4.9.3)
      binding_of_caller (>= 0.7)
      pry (>= 0.9.11)
    rake (12.3.3)
    reline (0.1.2)
      io-console (~> 0.5)
    sequel (5.29.0)
    sequelizer (0.1.2)
      dotenv (~> 2.1)
      hashie (~> 3.2)
      sequel (~> 5.0)
      thor (~> 0.19)
    shellb (0.0.2)
    simplecov (0.16.1)
      docile (~> 1.1)
      json (>= 1.8, < 3)
      simplecov-html (~> 0.10.0)
    simplecov-html (0.10.2)
    sqlite3 (1.4.2)
    thor (0.20.3)
    thread_safe (0.3.6)
    tzinfo (1.2.6)
      thread_safe (~> 0.1)

PLATFORMS
  ruby

DEPENDENCIES
  bundler (~> 2.0)
  conceptql!
  irb
  minitest (~> 5.0)
  pg
  pry
  pry-byebug
  pry-rescue
  pry-stack_explorer
  rake (~> 12)
  shellb
  simplecov (~> 0.11)
  sqlite3 (~> 1.3)

BUNDLED WITH
   2.1.2
