PATH
  remote: .
  specs:
    conceptql (0.3.0)
      activesupport (>= 6, < 8)
      bigdecimal
      json
      sequel (~> 5.34)
      sequelizer (~> 0.1.3)
      thor (~> 1.0)

GEM
  remote: https://rubygems.org/
  specs:
    activesupport (7.0.4.1)
      concurrent-ruby (~> 1.0, >= 1.0.2)
      i18n (>= 1.6, < 2)
      minitest (>= 5.1)
      tzinfo (~> 2.0)
    bigdecimal (3.1.2)
    byebug (11.1.3)
    coderay (1.1.3)
    concurrent-ruby (1.1.10)
    docile (1.4.0)
    dotenv (2.7.6)
    hashie (3.6.0)
    i18n (1.12.0)
      concurrent-ruby (~> 1.0)
    json (2.6.1)
    method_source (1.0.0)
    minitest (5.15.0)
    pg (1.3.5)
    pry (0.13.1)
      coderay (~> 1.1)
      method_source (~> 1.0)
    pry-byebug (3.9.0)
      byebug (~> 11.0)
      pry (~> 0.13.0)
    rake (13.0.6)
    sequel (5.56.0)
    sequelizer (0.1.3)
      dotenv (~> 2.1)
      hashie (~> 3.2)
      sequel (~> 5.0)
      thor (~> 1.0)
    simplecov (0.21.2)
      docile (~> 1.1)
      simplecov-html (~> 0.11)
      simplecov_json_formatter (~> 0.1)
    simplecov-html (0.12.3)
    simplecov_json_formatter (0.1.4)
    sqlite3 (1.4.2)
    thor (1.2.1)
    tzinfo (2.0.5)
      concurrent-ruby (~> 1.0)

PLATFORMS
  ruby

DEPENDENCIES
  bundler (~> 2.0)
  conceptql!
  minitest (~> 5.0)
  pg
  pry-byebug (~> 3)
  rake (~> 13.0)
  simplecov (~> 0.11)
  sqlite3 (~> 1.3)

BUNDLED WITH
   2.1.4
