GIT
  remote: https://github.com/outcomesinsights/sequel-hexspace.git
  revision: d041282798332227bbdf0a48a07c0494b2b54931
  specs:
    sequel-hexspace (1.0.0)
      hexspace
      sequel (~> 5.0)

GIT
  remote: https://github.com/outcomesinsights/sequelizer.git
  revision: e209fa0667de1dcc50f7256fa10676c642881fd7
  branch: ignitor
  specs:
    sequelizer (0.1.3)
      dotenv (~> 2.1)
      hashie (~> 3.2)
      sequel (~> 5.0)
      thor (~> 1.0)

PATH
  remote: .
  specs:
    conceptql (0.3.0)
      activesupport (>= 6)
      bigdecimal
      json
      sequel (~> 5.66)
      sequelizer (~> 0.1.3)
      thor (~> 1.0)

GEM
  remote: https://rubygems.org/
  specs:
    activesupport (7.0.4.2)
      concurrent-ruby (~> 1.0, >= 1.0.2)
      i18n (>= 1.6, < 2)
      minitest (>= 5.1)
      tzinfo (~> 2.0)
    ast (2.4.2)
    bigdecimal (3.1.3)
    byebug (11.1.3)
    coderay (1.1.3)
    concurrent-ruby (1.2.2)
    docile (1.4.0)
    dotenv (2.8.1)
    hashie (3.6.0)
    hexspace (0.2.1)
      thrift (>= 0.18)
    i18n (1.12.0)
      concurrent-ruby (~> 1.0)
    json (2.6.3)
    language_server-protocol (3.17.0.3)
    method_source (1.0.0)
    mini_portile2 (2.8.2)
    minitest (5.15.0)
    nokogiri (1.14.3)
      mini_portile2 (~> 2.8.0)
      racc (~> 1.4)
    parallel (1.26.3)
    parser (3.3.6.0)
      ast (~> 2.4.1)
      racc
    pg (1.3.5)
    pry (0.14.2)
      coderay (~> 1.1)
      method_source (~> 1.0)
    pry-byebug (3.10.1)
      byebug (~> 11.0)
      pry (>= 0.13, < 0.15)
    racc (1.6.2)
    rainbow (3.1.1)
    rake (13.0.6)
    regexp_parser (2.9.0)
    rexml (3.2.6)
    rubocop (1.69.0)
      json (~> 2.3)
      language_server-protocol (>= 3.17.0)
      parallel (~> 1.10)
      parser (>= 3.3.0.2)
      rainbow (>= 2.2.2, < 4.0)
      regexp_parser (>= 2.4, < 3.0)
      rubocop-ast (>= 1.36.1, < 2.0)
      ruby-progressbar (~> 1.7)
      unicode-display_width (>= 2.4.0, < 4.0)
    rubocop-ast (1.36.2)
      parser (>= 3.3.1.0)
    ruby-progressbar (1.13.0)
    rubyzip (2.3.2)
    selenium-webdriver (4.16.0)
      rexml (~> 3.2, >= 3.2.5)
      rubyzip (>= 1.2.2, < 3.0)
      websocket (~> 1.0)
    sequel (5.87.0)
      bigdecimal
    simplecov (0.21.2)
      docile (~> 1.1)
      simplecov-html (~> 0.11)
      simplecov_json_formatter (~> 0.1)
    simplecov-html (0.12.3)
    simplecov_json_formatter (0.1.4)
    sqlite3 (1.4.2)
    thor (1.3.0)
    thrift (0.19.0)
    tzinfo (2.0.6)
      concurrent-ruby (~> 1.0)
    unicode-display_width (3.1.2)
      unicode-emoji (~> 4.0, >= 4.0.4)
    unicode-emoji (4.0.4)
    watir (7.3.0)
      regexp_parser (>= 1.2, < 3)
      selenium-webdriver (~> 4.2)
    webdrivers (5.2.0)
      nokogiri (~> 1.6)
      rubyzip (>= 1.3.0)
      selenium-webdriver (~> 4.0)
    websocket (1.2.10)

PLATFORMS
  ruby

DEPENDENCIES
  bundler (~> 2.0)
  conceptql!
  minitest (~> 5.0)
  nokogiri (~> 1.14)
  pg
  pry-byebug (~> 3)
  rake (~> 13.0)
  rubocop
  sequel-hexspace!
  sequelizer!
  simplecov (~> 0.11)
  sqlite3 (~> 1.3)
  watir (~> 7.3)
  webdrivers (~> 5.2)

BUNDLED WITH
   2.5.4
